PATH
  remote: .
  specs:
    blazeverify (1.3.1)
      faraday
      faraday_middleware
      net-http-persistent

GEM
  remote: https://rubygems.org/
  specs:
    ansi (1.5.0)
    awesome_print (1.8.0)
    builder (3.2.3)
    coderay (1.1.2)
    connection_pool (2.2.3)
    faraday (1.1.0)
      multipart-post (>= 1.2, < 3)
      ruby2_keywords
    faraday_middleware (1.0.0)
      faraday (~> 1.0)
    method_source (0.9.2)
    minitest (5.11.3)
    minitest-reporters (1.3.6)
      ansi
      builder
      minitest (>= 5.0)
      ruby-progressbar
    multipart-post (2.1.1)
    net-http-persistent (4.0.0)
      connection_pool (~> 2.2)
    pry (0.12.2)
      coderay (~> 1.1.0)
      method_source (~> 0.9.0)
    rake (13.0.1)
    ruby-progressbar (1.10.1)
    ruby2_keywords (0.0.2)

PLATFORMS
  ruby

DEPENDENCIES
  awesome_print
  blazeverify!
  bundler
  minitest (~> 5.0)
  minitest-reporters
  pry
  rake (~> 13.0)

BUNDLED WITH
   1.17.3
